GEM
  remote: https://rubygems.org/
  specs:
    minitest (5.8.0)
    thor (0.19.1)

PLATFORMS
  ruby

DEPENDENCIES
  minitest
  thor
