GEM
  remote: https://rubygems.org/
  specs:
    json (1.8.3)
    minitest (5.8.0)
    thor (0.19.1)

PLATFORMS
  ruby

DEPENDENCIES
  json (~> 1.8.3)
  minitest (~> 5.8.0)
  thor (~> 0.19.1)
